ObjectType = Image
NDims = 3
BinaryData = True
BinaryDataByteOrderMSB = False
CompressedData = False
TransformMatrix = 0 1 0 0 -0 -1 -1 0 -0
Offset = 0 0 0
CenterOfRotation = 0 0 0
AnatomicalOrientation = ASL
ElementSpacing = 100 100 100
ITK_InputFilterName = MetaImageIO
DimSize = 133 81 115
ElementType = MET_SHORT
ElementDataFile = avgTemplate100micron.raw
